FRAMEWORK: >= NET452
NUGET
  remote: https://www.nuget.org/api/v2
    FAKE (4.29.2)
    MassTransit (3.3.5)
      NewId (>= 2.1.3)
      Newtonsoft.Json (>= 7.0.1)
    NewId (2.1.3)
    Newtonsoft.Json (9.0.1)
    NUnit (3.4.1)
    NUnit.ConsoleRunner (3.4.1)
    NUnit.Extension.NUnitProjectLoader (3.4.1)
    NUnit.Extension.NUnitV2Driver (3.4.1)
    NUnit.Extension.NUnitV2ResultWriter (3.4.1)
    NUnit.Extension.TeamCityEventListener (1.0.1)
    NUnit.Extension.VSProjectLoader (3.4.1)
    NUnit.Runners (3.4.1)
      NUnit.ConsoleRunner (>= 3.4.1)
      NUnit.Extension.NUnitProjectLoader (>= 3.4.1)
      NUnit.Extension.NUnitV2Driver (>= 3.4.1)
      NUnit.Extension.NUnitV2ResultWriter (>= 3.4.1)
      NUnit.Extension.TeamCityEventListener (>= 1.0.1)
      NUnit.Extension.VSProjectLoader (>= 3.4.1)
    RavenDB.Client (3.0.30143)
    RavenDB.Database (3.0.30143)
      RavenDB.Client (3.0.30143)
    RavenDB.Embedded (3.0.30143)
      RavenDB.Database (3.0.30143)
    Shouldly (2.8)
