RESTRICTION: >= net452
NUGET
  remote: https://www.nuget.org/api/v2
    FAKE (4.56)
    GitVersion.CommandLine (3.6.5)
    GreenPipes (2.1.1)
    MassTransit (5.1.4)
      GreenPipes (>= 2.1.1)
      NewId (>= 3.0.1)
      Newtonsoft.Json (>= 11.0.2)
      Newtonsoft.Json.Bson (>= 1.0.1)
      System.Reflection.Emit.Lightweight (>= 4.3)
      System.ValueTuple (>= 4.4)
    MassTransit.TestFramework (5.1.4)
      GreenPipes (>= 2.1.1)
      MassTransit (>= 5.1.4)
      NewId (>= 3.0.1)
      Newtonsoft.Json (>= 11.0.2)
      NUnit (>= 3.10.1)
    NewId (3.0.1)
    Newtonsoft.Json (11.0.2)
    Newtonsoft.Json.Bson (1.0.1)
      Newtonsoft.Json (>= 10.0.1)
    NUnit (3.10.1)
    NUnit.ConsoleRunner (3.6.1)
    NUnit.Extension.NUnitProjectLoader (3.5)
    NUnit.Extension.NUnitV2Driver (3.6)
    NUnit.Extension.NUnitV2ResultWriter (3.5)
    NUnit.Extension.TeamCityEventListener (1.0.2)
    NUnit.Extension.VSProjectLoader (3.5)
    NUnit.Runners (3.6.1)
      NUnit.ConsoleRunner (>= 3.6.1)
      NUnit.Extension.NUnitProjectLoader (>= 3.5)
      NUnit.Extension.NUnitV2Driver (>= 3.6)
      NUnit.Extension.NUnitV2ResultWriter (>= 3.5)
      NUnit.Extension.TeamCityEventListener (>= 1.0.2)
      NUnit.Extension.VSProjectLoader (>= 3.5)
    RavenDB.Client (3.5.3)
    RavenDB.Database (3.5.3)
      RavenDB.Client (3.5.3)
    RavenDB.Embedded (3.5.3)
      RavenDB.Database (3.5.3)
    Shouldly (2.8.2)
    System.Reflection.Emit.Lightweight (4.3)
    System.ValueTuple (4.5)
