FRAMEWORK: >= NET452
NUGET
  remote: https://www.nuget.org/api/v2
  specs:
    FAKE (4.25.4)
    MassTransit (3.2.4)
      NewId (>= 2.1.3)
      Newtonsoft.Json (>= 7.0.1)
    NewId (2.1.3)
    Newtonsoft.Json (8.0.3)
    NUnit (3.2.1)
    NUnit.ConsoleRunner (3.2.1)
    NUnit.Extension.NUnitProjectLoader (3.2.1)
    NUnit.Extension.NUnitV2Driver (3.2.1)
    NUnit.Extension.NUnitV2ResultWriter (3.2.1)
    NUnit.Extension.VSProjectLoader (3.2.1)
    NUnit.Runners (3.2.1)
      NUnit.ConsoleRunner (3.2.1)
      NUnit.Extension.NUnitProjectLoader (3.2.1)
      NUnit.Extension.NUnitV2Driver (3.2.1)
      NUnit.Extension.NUnitV2ResultWriter (3.2.1)
      NUnit.Extension.VSProjectLoader (3.2.1)
    RavenDB.Client (3.0.30115)
    RavenDB.Database (3.0.30115)
      RavenDB.Client (3.0.30115)
    RavenDB.Embedded (3.0.30115)
      RavenDB.Database (3.0.30115)
    Shouldly (2.7)
